GEM
  remote: https://rubygems.org/
  specs:
    openweathermap (0.2.3)

PLATFORMS
  x64-mingw32

DEPENDENCIES
  openweathermap (~> 0.2.3)

BUNDLED WITH
   2.1.4
